GEM
  remote: https://rubygems.org/
  specs:
    pdf-core (0.7.0)
    prawn (2.2.2)
      pdf-core (~> 0.7.0)
      ttfunk (~> 1.5)
    ttfunk (1.5.1)

PLATFORMS
  ruby

DEPENDENCIES
  prawn

RUBY VERSION
   ruby 2.5.1p57

BUNDLED WITH
   1.16.6
